GEM
  remote: http://rubygems.org/
  specs:
    camping (2.1.523)
      mab
      rack (>= 1.0)
    daemons (1.1.9)
    eventmachine (1.0.3)
    foreman (0.62.0)
      thor (>= 0.13.6)
    mab (0.0.2)
    rack (1.5.2)
    redis (3.0.3)
    thin (1.5.0)
      daemons (>= 1.0.9)
      eventmachine (>= 0.12.6)
      rack (>= 1.0.0)
    thor (0.17.0)

PLATFORMS
  ruby

DEPENDENCIES
  bundler
  camping (= 2.1.523)
  foreman
  mab (= 0.0.2)
  redis (= 3.0.3)
  thin
